GEM
  remote: http://rubygems.org/
  specs:
    ansi (1.4.1)
    facets (2.9.2)
    git (1.2.5)
    jeweler (1.6.4)
      bundler (~> 1.0)
      git (>= 1.2.5)
      rake
    rake (0.9.2.2)
    vclog (1.8.1)
      ansi (>= 1.2)
      facets (>= 2.4)

PLATFORMS
  ruby

DEPENDENCIES
  bundler (~> 1.0.0)
  jeweler (~> 1.6.0)
  vclog
